GEM
  remote: https://rubygems.org/
  specs:
    actioncable (7.2.0.beta3)
      actionpack (= 7.2.0.beta3)
      activesupport (= 7.2.0.beta3)
      nio4r (~> 2.0)
      websocket-driver (>= 0.6.1)
      zeitwerk (~> 2.6)
    actionmailbox (7.2.0.beta3)
      actionpack (= 7.2.0.beta3)
      activejob (= 7.2.0.beta3)
      activerecord (= 7.2.0.beta3)
      activestorage (= 7.2.0.beta3)
      activesupport (= 7.2.0.beta3)
      mail (>= 2.8.0)
    actionmailer (7.2.0.beta3)
      actionpack (= 7.2.0.beta3)
      actionview (= 7.2.0.beta3)
      activejob (= 7.2.0.beta3)
      activesupport (= 7.2.0.beta3)
      mail (>= 2.8.0)
      rails-dom-testing (~> 2.2)
    actionpack (7.2.0.beta3)
      actionview (= 7.2.0.beta3)
      activesupport (= 7.2.0.beta3)
      nokogiri (>= 1.8.5)
      racc
      rack (>= 2.2.4)
      rack-session (>= 1.0.1)
      rack-test (>= 0.6.3)
      rails-dom-testing (~> 2.2)
      rails-html-sanitizer (~> 1.6)
      useragent (~> 0.16)
    actiontext (7.2.0.beta3)
      actionpack (= 7.2.0.beta3)
      activerecord (= 7.2.0.beta3)
      activestorage (= 7.2.0.beta3)
      activesupport (= 7.2.0.beta3)
      globalid (>= 0.6.0)
      nokogiri (>= 1.8.5)
    actionview (7.2.0.beta3)
      activesupport (= 7.2.0.beta3)
      builder (~> 3.1)
      erubi (~> 1.11)
      rails-dom-testing (~> 2.2)
      rails-html-sanitizer (~> 1.6)
    active_model_serializers (0.10.15)
      actionpack (>= 4.1)
      activemodel (>= 4.1)
      case_transform (>= 0.2)
      jsonapi-renderer (>= 0.1.1.beta1, < 0.3)
    activejob (7.2.0.beta3)
      activesupport (= 7.2.0.beta3)
      globalid (>= 0.3.6)
    activemodel (7.2.0.beta3)
      activesupport (= 7.2.0.beta3)
    activerecord (7.2.0.beta3)
      activemodel (= 7.2.0.beta3)
      activesupport (= 7.2.0.beta3)
      timeout (>= 0.4.0)
    activestorage (7.2.0.beta3)
      actionpack (= 7.2.0.beta3)
      activejob (= 7.2.0.beta3)
      activerecord (= 7.2.0.beta3)
      activesupport (= 7.2.0.beta3)
      marcel (~> 1.0)
    activesupport (7.2.0.beta3)
      base64
      bigdecimal
      concurrent-ruby (~> 1.0, >= 1.3.1)
      connection_pool (>= 2.2.5)
      drb
      i18n (>= 1.6, < 2)
      logger (>= 1.4.2)
      minitest (>= 5.1)
      tzinfo (~> 2.0, >= 2.0.5)
    addressable (2.8.4)
      public_suffix (>= 2.0.2, < 6.0)
    autoprefixer-rails (10.4.13.0)
      execjs (~> 2)
    base64 (0.2.0)
    bigdecimal (3.1.9)
    bindex (0.8.1)
    bootsnap (1.16.0)
      msgpack (~> 1.2)
    bootstrap (5.1.3)
      autoprefixer-rails (>= 9.1.0)
      popper_js (>= 2.9.3, < 3)
      sassc-rails (>= 2.0.0)
    builder (3.3.0)
    capybara (3.39.2)
      addressable
      matrix
      mini_mime (>= 0.1.3)
      nokogiri (~> 1.8)
      rack (>= 1.6.0)
      rack-test (>= 0.6.3)
      regexp_parser (>= 1.5, < 3.0)
      xpath (~> 3.2)
    case_transform (0.2)
      activesupport
    chunky_png (1.4.0)
    cocoon (1.2.15)
    coderay (1.1.3)
    concurrent-ruby (1.3.5)
    connection_pool (2.4.1)
    crass (1.0.6)
    cssbundling-rails (1.2.0)
      railties (>= 6.0.0)
    database_cleaner (2.0.2)
      database_cleaner-active_record (>= 2, < 3)
    database_cleaner-active_record (2.1.0)
      activerecord (>= 5.a)
      database_cleaner-core (~> 2.0.0)
    database_cleaner-core (2.0.1)
    date (3.4.1)
    debug (1.8.0)
      irb (>= 1.5.0)
      reline (>= 0.3.1)
    diff-lcs (1.5.0)
    domain_name (0.5.20190701)
      unf (>= 0.0.5, < 1.0.0)
    dotenv (2.8.1)
    dotenv-rails (2.8.1)
      dotenv (= 2.8.1)
      railties (>= 3.2)
    drb (2.2.1)
    erubi (1.13.1)
    et-orbi (1.2.7)
      tzinfo
    execjs (2.8.1)
    ffi (1.15.5)
    foreman (0.87.2)
    fugit (1.8.1)
      et-orbi (~> 1, >= 1.2.7)
      raabro (~> 1.4)
    globalid (1.2.1)
      activesupport (>= 6.1)
    hirb (0.7.3)
    http-accept (1.7.0)
    http-cookie (1.0.5)
      domain_name (~> 0.5)
    httparty (0.21.0)
      mini_mime (>= 1.0.0)
      multi_xml (>= 0.5.2)
    i18n (1.14.7)
      concurrent-ruby (~> 1.0)
    importmap-rails (1.2.1)
      actionpack (>= 6.0.0)
      railties (>= 6.0.0)
    io-console (0.6.0)
    irb (1.15.2)
      pp (>= 0.6.0)
      rdoc (>= 4.0.0)
      reline (>= 0.4.2)
    jbuilder (2.11.5)
      actionview (>= 5.0.0)
      activesupport (>= 5.0.0)
    jquery-rails (4.6.0)
      rails-dom-testing (>= 1, < 3)
      railties (>= 4.2.0)
      thor (>= 0.14, < 2.0)
    jsbundling-rails (1.1.2)
      railties (>= 6.0.0)
    jsonapi-renderer (0.2.2)
    launchy (2.5.2)
      addressable (~> 2.8)
    letter_opener (1.8.1)
      launchy (>= 2.2, < 3)
    libv8-node (18.16.0.0)
    libv8-node (18.16.0.0-x86_64-linux)
    logger (1.7.0)
    loofah (2.24.0)
      crass (~> 1.0.2)
      nokogiri (>= 1.12.0)
    mail (2.8.1)
      mini_mime (>= 0.1.1)
      net-imap
      net-pop
      net-smtp
    marcel (1.0.4)
    matrix (0.4.2)
    method_source (1.1.0)
    mime-types (3.4.1)
      mime-types-data (~> 3.2015)
    mime-types-data (3.2023.0218.1)
    mini_mime (1.1.5)
    mini_portile2 (2.8.8)
    mini_racer (0.8.0)
      libv8-node (~> 18.16.0.0)
    minitest (5.25.5)
    msgpack (1.7.2)
    multi_xml (0.6.0)
    net-imap (0.5.6)
      date
      net-protocol
    net-pop (0.1.2)
      net-protocol
    net-protocol (0.2.2)
      timeout
    net-smtp (0.5.1)
      net-protocol
    netrc (0.11.0)
    nio4r (2.7.4)
    nokogiri (1.18.7)
      mini_portile2 (~> 2.8.2)
      racc (~> 1.4)
    nokogiri (1.18.7-x86_64-linux-gnu)
      racc (~> 1.4)
    pg (1.5.3)
    pg (1.5.3-x86-mingw32)
    popper_js (2.11.7)
    pp (0.6.2)
      prettyprint
    prettyprint (0.2.0)
    pry (0.14.2)
      coderay (~> 1.1)
      method_source (~> 1.0)
    psych (5.2.3)
      date
      stringio
    public_suffix (5.0.3)
    puma (6.6.0)
      nio4r (~> 2.0)
    raabro (1.4.0)
    racc (1.8.1)
    rack (3.1.12)
    rack-cors (2.0.1)
      rack (>= 2.0.0)
    rack-session (2.1.0)
      base64 (>= 0.1.0)
      rack (>= 3.0.0)
    rack-test (2.2.0)
      rack (>= 1.3)
    rackup (2.2.1)
      rack (>= 3)
    rails (7.2.0.beta3)
      actioncable (= 7.2.0.beta3)
      actionmailbox (= 7.2.0.beta3)
      actionmailer (= 7.2.0.beta3)
      actionpack (= 7.2.0.beta3)
      actiontext (= 7.2.0.beta3)
      actionview (= 7.2.0.beta3)
      activejob (= 7.2.0.beta3)
      activemodel (= 7.2.0.beta3)
      activerecord (= 7.2.0.beta3)
      activestorage (= 7.2.0.beta3)
      activesupport (= 7.2.0.beta3)
      bundler (>= 1.15.0)
      railties (= 7.2.0.beta3)
    rails-dom-testing (2.2.0)
      activesupport (>= 5.0.0)
      minitest
      nokogiri (>= 1.6)
    rails-html-sanitizer (1.6.2)
      loofah (~> 2.21)
      nokogiri (>= 1.15.7, != 1.16.7, != 1.16.6, != 1.16.5, != 1.16.4, != 1.16.3, != 1.16.2, != 1.16.1, != 1.16.0.rc1, != 1.16.0)
    railties (7.2.0.beta3)
      actionpack (= 7.2.0.beta3)
      activesupport (= 7.2.0.beta3)
      irb (~> 1.13)
      rackup (>= 1.0.0)
      rake (>= 12.2)
      thor (~> 1.0, >= 1.2.2)
      zeitwerk (~> 2.6)
    rake (13.2.1)
    rdoc (6.13.1)
      psych (>= 4.0.0)
    redis (5.0.6)
      redis-client (>= 0.9.0)
    redis-client (0.14.1)
      connection_pool
    regexp_parser (2.8.1)
    reline (0.6.1)
      io-console (~> 0.5)
    rest-client (2.1.0)
      http-accept (>= 1.7.0, < 2.0)
      http-cookie (>= 1.0.2, < 2.0)
      mime-types (>= 1.16, < 4.0)
      netrc (~> 0.8)
    rest-client (2.1.0-x86-mingw32)
      ffi (~> 1.9)
      http-accept (>= 1.7.0, < 2.0)
      http-cookie (>= 1.0.2, < 2.0)
      mime-types (>= 1.16, < 4.0)
      netrc (~> 0.8)
    rexml (3.2.5)
    rqrcode (2.2.0)
      chunky_png (~> 1.0)
      rqrcode_core (~> 1.0)
    rqrcode_core (1.2.0)
    rspec-core (3.12.2)
      rspec-support (~> 3.12.0)
    rspec-expectations (3.12.3)
      diff-lcs (>= 1.2.0, < 2.0)
      rspec-support (~> 3.12.0)
    rspec-mocks (3.12.6)
      diff-lcs (>= 1.2.0, < 2.0)
      rspec-support (~> 3.12.0)
    rspec-rails (6.0.3)
      actionpack (>= 6.1)
      activesupport (>= 6.1)
      railties (>= 6.1)
      rspec-core (~> 3.12)
      rspec-expectations (~> 3.12)
      rspec-mocks (~> 3.12)
      rspec-support (~> 3.12)
    rspec-support (3.12.1)
    rubyzip (2.3.2)
    sassc (2.4.0)
      ffi (~> 1.9)
    sassc-rails (2.1.2)
      railties (>= 4.0.0)
      sassc (>= 2.0)
      sprockets (> 3.0)
      sprockets-rails
      tilt
    selenium-webdriver (4.10.0)
      rexml (~> 3.2, >= 3.2.5)
      rubyzip (>= 1.2.2, < 3.0)
      websocket (~> 1.0)
    sidekiq (7.1.2)
      concurrent-ruby (< 2)
      connection_pool (>= 2.3.0)
      rack (>= 2.2.4)
      redis-client (>= 0.14.0)
    sidekiq-cron (1.10.1)
      fugit (~> 1.8)
      globalid (>= 1.0.1)
      sidekiq (>= 6)
    spring (4.1.1)
    sprockets (4.2.0)
      concurrent-ruby (~> 1.0)
      rack (>= 2.2.4, < 4)
    sprockets-rails (3.4.2)
      actionpack (>= 5.2)
      activesupport (>= 5.2)
      sprockets (>= 3.0.0)
    stimulus-rails (1.2.1)
      railties (>= 6.0.0)
    stringio (3.1.6)
    stripe (8.6.0)
    table_print (1.5.7)
    thor (1.3.2)
    tilt (2.2.0)
    timeout (0.4.3)
    turbo-rails (1.4.0)
      actionpack (>= 6.0.0)
      activejob (>= 6.0.0)
      railties (>= 6.0.0)
    tzinfo (2.0.6)
      concurrent-ruby (~> 1.0)
    tzinfo-data (1.2023.3)
      tzinfo (>= 1.0.0)
    unf (0.1.4)
      unf_ext
    unf_ext (0.0.8.2)
    useragent (0.16.11)
    web-console (4.2.0)
      actionview (>= 6.0.0)
      activemodel (>= 6.0.0)
      bindex (>= 0.4.0)
      railties (>= 6.0.0)
    webdrivers (5.2.0)
      nokogiri (~> 1.6)
      rubyzip (>= 1.3.0)
      selenium-webdriver (~> 4.0)
    websocket (1.2.9)
    websocket-driver (0.7.7)
      base64
      websocket-extensions (>= 0.1.0)
    websocket-extensions (0.1.5)
    xpath (3.2.0)
      nokogiri (~> 1.8)
    zeitwerk (2.7.2)

PLATFORMS
  x86-mingw32
  x86_64-linux

DEPENDENCIES
  active_model_serializers (~> 0.10.2)
  autoprefixer-rails
  bootsnap
  bootstrap (~> 5.1.3)
  capybara
  cocoon
  cssbundling-rails
  database_cleaner
  debug
  dotenv-rails (~> 2.1, >= 2.1.1)
  execjs
  foreman
  hirb
  httparty
  importmap-rails
  jbuilder
  jquery-rails
  jsbundling-rails
  letter_opener
  mini_racer
  nokogiri
  pg (~> 1.5, >= 1.5.3)
  pry
  puma (>= 6.0)
  rack-cors
  rails (= 7.2.0.beta3)
  redis
  rest-client
  rqrcode
  rspec-rails
  selenium-webdriver
  sidekiq
  sidekiq-cron
  spring
  sprockets-rails
  stimulus-rails
  stripe
  table_print (~> 1.5, >= 1.5.7)
  turbo-rails
  tzinfo-data
  web-console
  webdrivers

RUBY VERSION
   ruby 3.3.2p78

BUNDLED WITH
   2.5.11
